{
    "Modality": "MR",
    "MagneticFieldStrength": 3,
    "ImagingFrequency": 123.215,
    "Manufacturer": "Siemens",
    "ManufacturersModelName": "Skyra",
    "InstitutionName": "KFU",
    "InstitutionalDepartmentName": "Department",
    "InstitutionAddress": "deleted_by_bidsonym",
    "DeviceSerialNumber": "45250",
    "StationName": "FBMTMR1",
    "BodyPartExamined": "HEAD",
    "PatientPosition": "HFS",
    "ProcedureStepDescription": "deleted_by_bidsonym",
    "SoftwareVersions": "syngo MR D13",
    "MRAcquisitionType": "3D",
    "SeriesDescription": "t1_mprage_con_iso_1_no_Grappa",
    "ProtocolName": "t1_mprage_con_iso_1_no_Grappa",
    "ScanningSequence": "GR\\IR",
    "SequenceVariant": "SK\\SP\\MP\\OSP",
    "ScanOptions": "IR\\WE",
    "SequenceName": "*tfl3d1_16ns",
    "ImageType": [
        "ORIGINAL",
        "PRIMARY",
        "M",
        "NORM",
        "DIS3D",
        "DIS2D"
    ],
    "SeriesNumber": 9,
    "AcquisitionTime": "10:47:45.880000",
    "AcquisitionNumber": 1,
    "SliceThickness": 1,
    "SAR": 0.0786465,
    "EchoTime": 0.00182,
    "RepetitionTime": 1.65,
    "InversionTime": 1,
    "FlipAngle": 8,
    "PartialFourier": 1,
    "BaseResolution": 256,
    "ShimSetting": [
        -1556,
        -3667,
        -4466,
        328,
        478,
        223,
        444,
        -416
    ],
    "TxRefAmp": 324.072,
    "PhaseResolution": 1,
    "PhaseOversampling": 0.15,
    "ReceiveCoilName": "Head_32",
    "ReceiveCoilActiveElements": "HEA;HEP",
    "PulseSequenceDetails": "%SiemensSeq%\\tfl",
    "ConsistencyInfo": "N4_VD13A_LATEST_20120616",
    "PercentPhaseFOV": 100,
    "PercentSampling": 100,
    "PhaseEncodingSteps": 295,
    "AcquisitionMatrixPE": 256,
    "ReconMatrixPE": 256,
    "PixelBandwidth": 270,
    "DwellTime": 7.2e-06,
    "ImageOrientationPatientDICOM": [
        0.0308942,
        0.995268,
        0.0921281,
        0.0755324,
        0.0895839,
        -0.993111
    ],
    "InPlanePhaseEncodingDirectionDICOM": "ROW",
    "ConversionSoftware": "dcm2niix",
    "ConversionSoftwareVersion": "v1.0.20201102"
}