{
    "Modality": "MR",
    "MagneticFieldStrength": 3,
    "ImagingFrequency": 123.215,
    "Manufacturer": "Siemens",
    "ManufacturersModelName": "Skyra",
    "InstitutionName": "KFU",
    "InstitutionalDepartmentName": "Department",
    "InstitutionAddress": "deleted_by_bidsonym",
    "DeviceSerialNumber": "45250",
    "StationName": "FBMTMR1",
    "BodyPartExamined": "HEAD",
    "PatientPosition": "HFS",
    "ProcedureStepDescription": "deleted_by_bidsonym",
    "SoftwareVersions": "syngo MR D13",
    "MRAcquisitionType": "2D",
    "SeriesDescription": "Feedback_1250_LR",
    "ProtocolName": "Feedback_1250_LR",
    "ScanningSequence": "EP",
    "SequenceVariant": "SK\\SS",
    "ScanOptions": "FS",
    "SequenceName": "epfid2d1_96",
    "ImageType": [
        "ORIGINAL",
        "PRIMARY",
        "M",
        "MB",
        "ND",
        "NORM",
        "MOSAIC"
    ],
    "SeriesNumber": 8,
    "AcquisitionTime": "11:54:43.287500",
    "AcquisitionNumber": 1,
    "ImageComments": "Unaliased MB4/PE3",
    "SliceThickness": 2.5,
    "SpacingBetweenSlices": 2.75,
    "SAR": 0.0758147,
    "EchoTime": 0.04,
    "RepetitionTime": 1.25,
    "FlipAngle": 60,
    "PartialFourier": 1,
    "BaseResolution": 96,
    "ShimSetting": [
        -1555,
        -3602,
        -4509,
        249,
        575,
        142,
        -46,
        -256
    ],
    "TxRefAmp": 326.438,
    "PhaseResolution": 1,
    "ReceiveCoilName": "Head_32",
    "ReceiveCoilActiveElements": "HEA;HEP",
    "PulseSequenceDetails": "%CustomerSeq%\\cmrr_mbep2d_bold",
    "WipMemBlock": "8095f635-a89a-40df-8d38-9d18774a08f3||Sequence: vd13a/R012 r/b34510a; May 18 2015 10:31:31 by eja",
    "ConsistencyInfo": "N4_VD13A_LATEST_20120616",
    "MultibandAccelerationFactor": 4,
    "PercentPhaseFOV": 100,
    "PercentSampling": 100,
    "EchoTrainLength": 96,
    "PhaseEncodingSteps": 96,
    "AcquisitionMatrixPE": 96,
    "ReconMatrixPE": 96,
    "BandwidthPerPixelPhaseEncode": 15.783,
    "EffectiveEchoSpacing": 0.000659993,
    "DerivedVendorReportedEchoSpacing": 0.000659993,
    "TotalReadoutTime": 0.0626993,
    "PixelBandwidth": 2480,
    "DwellTime": 2.1e-06,
    "PhaseEncodingDirection": "j",
    "SliceTiming": [
        0,
        0.6625,
        0.095,
        0.7575,
        0.19,
        0.8525,
        0.285,
        0.9475,
        0.3775,
        1.04,
        0.4725,
        1.135,
        0.5675,
        0,
        0.6625,
        0.095,
        0.7575,
        0.19,
        0.8525,
        0.285,
        0.9475,
        0.3775,
        1.04,
        0.4725,
        1.135,
        0.5675,
        0,
        0.6625,
        0.095,
        0.7575,
        0.19,
        0.8525,
        0.285,
        0.9475,
        0.3775,
        1.04,
        0.4725,
        1.135,
        0.5675,
        0,
        0.6625,
        0.095,
        0.7575,
        0.19,
        0.8525,
        0.285,
        0.9475,
        0.3775,
        1.04,
        0.4725,
        1.135,
        0.5675
    ],
    "ImageOrientationPatientDICOM": [
        0.998067,
        -0.0553624,
        -0.0282308,
        0.0470677,
        0.970049,
        -0.238304
    ],
    "InPlanePhaseEncodingDirectionDICOM": "COL",
    "ConversionSoftware": "dcm2niix",
    "ConversionSoftwareVersion": "v1.0.20201102",
    "TaskName": "feedback"
}